GEM
  remote: http://rubygems.org/
  specs:
    activesupport (3.1.1)
      multi_json (~> 1.0)
    diff-lcs (1.1.2)
    factory_girl (2.2.0)
      activesupport
    git (1.2.5)
    growl (1.0.3)
    guard (0.8.8)
      thor (~> 0.14.6)
    guard-test (0.4.1)
      guard (>= 0.4)
      test-unit (~> 2.2)
    jeweler (1.5.2)
      bundler (~> 1.0.0)
      git (>= 1.2.5)
      rake
    multi_json (1.0.3)
    rake (0.8.7)
    rb-fsevent (0.4.3.1)
    rcov (0.9.9)
    rspec (2.3.0)
      rspec-core (~> 2.3.0)
      rspec-expectations (~> 2.3.0)
      rspec-mocks (~> 2.3.0)
    rspec-core (2.3.1)
    rspec-expectations (2.3.0)
      diff-lcs (~> 1.1.2)
    rspec-mocks (2.3.0)
    test-unit (2.4.1)
    thor (0.14.6)

PLATFORMS
  ruby

DEPENDENCIES
  bundler (~> 1.0.0)
  factory_girl
  growl
  guard-test
  jeweler (~> 1.5.2)
  rb-fsevent
  rcov
  rspec (~> 2.3.0)
